GEM
  remote: http://rubygems.org/
  specs:
    POpen4 (0.1.4)
      Platform (>= 0.4.0)
      open4
    Platform (0.4.0)
    abstract (1.0.0)
    actionmailer (3.0.4)
      actionpack (= 3.0.4)
      mail (~> 2.2.15)
    actionpack (3.0.4)
      activemodel (= 3.0.4)
      activesupport (= 3.0.4)
      builder (~> 2.1.2)
      erubis (~> 2.6.6)
      i18n (~> 0.4)
      rack (~> 1.2.1)
      rack-mount (~> 0.6.13)
      rack-test (~> 0.5.7)
      tzinfo (~> 0.3.23)
    activemodel (3.0.4)
      activesupport (= 3.0.4)
      builder (~> 2.1.2)
      i18n (~> 0.4)
    activerecord (3.0.4)
      activemodel (= 3.0.4)
      activesupport (= 3.0.4)
      arel (~> 2.0.2)
      tzinfo (~> 0.3.23)
    activeresource (3.0.4)
      activemodel (= 3.0.4)
      activesupport (= 3.0.4)
    activesupport (3.0.4)
    addressable (2.2.6)
    arel (2.0.9)
    builder (2.1.2)
    chunky_png (1.2.0)
    colorize (0.5.8)
    compass (0.11.1)
      chunky_png (~> 1.1)
      fssm (>= 0.2.7)
      sass (~> 3.1)
    crack (0.1.8)
    em-http-request (0.3.0)
      addressable (>= 2.0.0)
      escape_utils
      eventmachine (>= 0.12.9)
    em-mysqlplus (0.1.5)
      eventmachine (>= 0.12.9)
    em-synchrony (0.2.0)
      eventmachine (>= 0.12.9)
    em-websocket (0.3.0)
      addressable (>= 2.1.1)
      eventmachine (>= 0.12.9)
    erubis (2.6.6)
      abstract (>= 1.0.0)
    escape_utils (0.2.3)
    eventmachine (0.12.10)
    fssm (0.2.7)
    haml (3.1.2)
    hashie (1.0.0)
    httparty (0.7.7)
      crack (= 0.1.8)
    i18n (0.5.0)
    jammit (0.6.3)
      yui-compressor (>= 0.9.3)
    json (1.5.1)
    log4r-color (1.2)
      colorize
      scribe
    mail (2.2.19)
      activesupport (>= 2.3.6)
      i18n (>= 0.4.0)
      mime-types (~> 1.16)
      treetop (~> 1.4.8)
    mime-types (1.16)
    mini_fb (1.1.7)
      hashie
      rest-client
    mysql2 (0.2.6)
    mysqlplus (0.1.2)
    open4 (1.1.0)
    polyglot (0.3.1)
    rack (1.2.1)
    rack-mount (0.6.14)
      rack (>= 1.0.0)
    rack-test (0.5.7)
      rack (>= 1.0)
    rails (3.0.4)
      actionmailer (= 3.0.4)
      actionpack (= 3.0.4)
      activerecord (= 3.0.4)
      activeresource (= 3.0.4)
      activesupport (= 3.0.4)
      bundler (~> 1.0)
      railties (= 3.0.4)
    railties (3.0.4)
      actionpack (= 3.0.4)
      activesupport (= 3.0.4)
      rake (>= 0.8.7)
      thor (~> 0.14.4)
    rake (0.8.7)
    redis (2.2.0)
    rest-client (1.6.1)
      mime-types (>= 1.16)
    sass (3.1.1)
    scribe (0.2.4)
      rake
      thrift_client (~> 0.6)
    sqlite3 (1.3.3)
    sqlite3-ruby (1.3.3)
      sqlite3 (>= 1.3.3)
    term-ansicolor (1.0.5)
    thor (0.14.6)
    thrift (0.6.0)
    thrift_client (0.6.3)
      thrift (~> 0.6.0)
    treetop (1.4.9)
      polyglot (>= 0.3.1)
    tzinfo (0.3.27)
    wordnik-ruby (0.3.4)
      httparty
      json
    yui-compressor (0.9.6)
      POpen4 (>= 0.1.4)

PLATFORMS
  ruby

DEPENDENCIES
  compass (>= 0.11.1)
  em-http-request
  em-mysqlplus
  em-synchrony
  em-websocket
  eventmachine
  haml
  jammit
  json
  log4r-color
  mini_fb
  mysql2 (< 0.3)
  mysqlplus
  rails (= 3.0.4)
  redis
  sqlite3-ruby
  term-ansicolor
  wordnik-ruby
